GEM
  remote: https://rubygems.org/
  specs:
    memoizable (0.4.2)
      thread_safe (~> 0.3, >= 0.3.1)
    mini_portile (0.6.0)
    nokogiri (1.6.2.1)
      mini_portile (= 0.6.0)
    thread_safe (0.3.4)

PLATFORMS
  ruby

DEPENDENCIES
  memoizable
  nokogiri
